GEM
  remote: https://rubygems.org/
  specs:
    climate_control (0.2.0)
    coderay (1.1.3)
    json (2.3.0)
    method_source (1.0.0)
    pry (0.13.1)
      coderay (~> 1.1)
      method_source (~> 1.0)
    rakemkv (0.3.0)
      json (~> 2.1)
      terrapin (~> 0.6)
    terrapin (0.6.0)
      climate_control (>= 0.0.3, < 1.0)

PLATFORMS
  ruby

DEPENDENCIES
  pry
  rakemkv

BUNDLED WITH
   2.1.4
